PATH
  remote: .
  specs:
    boilerpipe-ruby (0.4.0)
      nokogiri (>= 1.6.6.2)

GEM
  remote: https://rubygems.org/
  specs:
    diff-lcs (1.3)
    mini_portile2 (2.2.0)
    nokogiri (1.8.0)
      mini_portile2 (~> 2.2.0)
    rake (10.5.0)
    rickshaw (0.4.0)
    rspec (3.6.0)
      rspec-core (~> 3.6.0)
      rspec-expectations (~> 3.6.0)
      rspec-mocks (~> 3.6.0)
    rspec-core (3.6.0)
      rspec-support (~> 3.6.0)
    rspec-expectations (3.6.0)
      diff-lcs (>= 1.2.0, < 2.0)
      rspec-support (~> 3.6.0)
    rspec-mocks (3.6.0)
      diff-lcs (>= 1.2.0, < 2.0)
      rspec-support (~> 3.6.0)
    rspec-support (3.6.0)

PLATFORMS
  ruby

DEPENDENCIES
  boilerpipe-ruby!
  bundler (~> 1.11)
  rake (~> 10.0)
  rickshaw (~> 0.4.0)
  rspec (~> 3.0)

BUNDLED WITH
   1.14.5
